GEM
  remote: https://rubygems.org/
  specs:
    activemodel (5.1.4)
      activesupport (= 5.1.4)
    activerecord (5.1.4)
      activemodel (= 5.1.4)
      activesupport (= 5.1.4)
      arel (~> 8.0)
    activesupport (5.1.4)
      concurrent-ruby (~> 1.0, >= 1.0.2)
      i18n (~> 0.7)
      minitest (~> 5.1)
      tzinfo (~> 1.1)
    arel (8.0.0)
    concurrent-ruby (1.0.5)
    htmlbeautifier (1.1.1)
    i18n (0.9.1)
      concurrent-ruby (~> 1.0)
    mini_portile2 (2.3.0)
    minitest (5.8.5)
    net (0.3.3)
      activesupport
    net-ping (1.7.8)
    nokogiri (1.8.1)
      mini_portile2 (~> 2.3.0)
    ping (0.0.8)
    puma (3.11.0)
    rack (1.6.8)
    rack-protection (1.5.3)
      rack
    sinatra (1.4.8)
      rack (~> 1.5)
      rack-protection (~> 1.4)
      tilt (>= 1.3, < 3)
    sqlite3 (1.3.13)
    thread_safe (0.3.6)
    tilt (2.0.8)
    tzinfo (1.2.4)
      thread_safe (~> 0.1)

PLATFORMS
  ruby

DEPENDENCIES
  activerecord
  activesupport
  htmlbeautifier (~> 1.1.1)
  minitest (~> 5.8.2)
  net
  net-ping (~> 1.7.8)
  nokogiri
  ping (~> 0.0.8)
  puma
  sinatra (~> 1.4.6)
  sqlite3

BUNDLED WITH
   1.16.0
