GEM
  remote: https://rubygems.org/
  specs:
    activemodel (4.2.5)
      activesupport (= 4.2.5)
      builder (~> 3.1)
    activerecord (4.2.5)
      activemodel (= 4.2.5)
      activesupport (= 4.2.5)
      arel (~> 6.0)
    activesupport (4.2.5)
      i18n (~> 0.7)
      json (~> 1.7, >= 1.7.7)
      minitest (~> 5.1)
      thread_safe (~> 0.3, >= 0.3.4)
      tzinfo (~> 1.1)
    arel (6.0.3)
    builder (3.2.2)
    htmlbeautifier (1.1.1)
    i18n (0.7.0)
    json (1.8.3)
    mini_portile (0.6.2)
    minitest (5.8.2)
    net (0.3.3)
      activesupport
    net-ping (1.7.8)
    nokogiri (1.6.6.4)
      mini_portile (~> 0.6.0)
    pg (0.18.4)
    ping (0.0.8)
    puma (2.15.3)
    rack (1.6.4)
    rack-protection (1.5.3)
      rack
    sinatra (1.4.6)
      rack (~> 1.4)
      rack-protection (~> 1.4)
      tilt (>= 1.3, < 3)
    sinatra-activerecord (2.0.9)
      activerecord (>= 3.2)
      sinatra (~> 1.0)
    sqlite3 (1.3.11)
    thread_safe (0.3.5)
    tilt (2.0.1)
    time (1.1.4)
    tzinfo (1.2.2)
      thread_safe (~> 0.1)

PLATFORMS
  ruby

DEPENDENCIES
  activerecord (~> 4.2.4)
  activesupport (~> 4.2.4)
  htmlbeautifier (~> 1.1.1)
  minitest (= 5.8.2)
  net
  net-ping (~> 1.7.8)
  nokogiri
  pg
  ping (~> 0.0.8)
  puma
  sinatra (~> 1.4.6)
  sinatra-activerecord
  sqlite3
  time

BUNDLED WITH
   1.10.6
